GEM
  remote: http://rubygems.org/
  specs:
    activemodel (3.2.0)
      activesupport (= 3.2.0)
      builder (~> 3.0.0)
    activerecord (3.2.0)
      activemodel (= 3.2.0)
      activesupport (= 3.2.0)
      arel (~> 3.0.0)
      tzinfo (~> 0.3.29)
    activesupport (3.2.0)
      i18n (~> 0.6)
      multi_json (~> 1.0)
    arel (3.0.0)
    builder (3.0.0)
    coderay (1.0.5)
    daemons (1.1.6)
    eventmachine (0.12.10)
    http_parser.rb (0.5.3)
    i18n (0.6.0)
    method_source (0.7.0)
    multi_json (1.0.4)
    oauth (0.4.5)
    pry (0.9.8)
      coderay (~> 1.0.5)
      method_source (~> 0.7)
      slop (>= 2.4.3, < 3)
    rake (0.9.2.2)
    simple_oauth (0.1.5)
    slop (2.4.3)
    sqlite3 (1.3.5)
    standalone_migrations (1.0.5)
      activerecord (>= 3)
      rake
    tweetstream (1.1.3)
      daemons (~> 1.1.4)
      multi_json (~> 1.0.3)
      twitter-stream (~> 0.1.14)
    twitter-stream (0.1.14)
      eventmachine (>= 0.12.8)
      http_parser.rb (~> 0.5.1)
      simple_oauth (~> 0.1.4)
    tzinfo (0.3.31)
    yajl-ruby (1.1.0)

PLATFORMS
  ruby

DEPENDENCIES
  activerecord
  oauth
  pry
  sqlite3
  standalone_migrations
  tweetstream
  yajl-ruby
