GEM
  remote: http://rubygems.org/
  specs:
    activemodel (3.2.0)
      activesupport (= 3.2.0)
      builder (~> 3.0.0)
    activerecord (3.2.0)
      activemodel (= 3.2.0)
      activesupport (= 3.2.0)
      arel (~> 3.0.0)
      tzinfo (~> 0.3.29)
    activesupport (3.2.0)
      i18n (~> 0.6)
      multi_json (~> 1.0)
    addressable (2.2.6)
    archive-tar-minitar (0.5.2)
    arel (3.0.0)
    builder (3.0.0)
    coderay (1.0.5)
    columnize (0.3.6)
    daemons (1.1.6)
    eventmachine (0.12.10)
    faraday (0.7.6)
      addressable (~> 2.2)
      multipart-post (~> 1.1)
      rack (~> 1.1)
    http_parser.rb (0.5.3)
    i18n (0.6.0)
    linecache19 (0.5.13)
      ruby_core_source (>= 0.1.4)
    log4r (1.1.10)
    method_source (0.7.0)
    multi_json (1.0.4)
    multipart-post (1.1.4)
    oauth (0.4.5)
    pry (0.9.8)
      coderay (~> 1.0.5)
      method_source (~> 0.7)
      slop (>= 2.4.3, < 3)
    rack (1.4.1)
    rake (0.9.2.2)
    ruby-debug-base19 (0.11.26)
      columnize (>= 0.3.1)
      linecache19 (>= 0.5.11)
      ruby_core_source (>= 0.1.4)
    ruby-debug19 (0.11.6)
      columnize (>= 0.3.1)
      linecache19 (>= 0.5.11)
      ruby-debug-base19 (>= 0.11.19)
    ruby_core_source (0.1.5)
      archive-tar-minitar (>= 0.5.2)
    simple_oauth (0.1.5)
    slop (2.4.3)
    sqlite3 (1.3.5)
    standalone_migrations (1.0.5)
      activerecord (>= 3)
      rake
    tweetstream (1.1.3)
      daemons (~> 1.1.4)
      multi_json (~> 1.0.3)
      twitter-stream (~> 0.1.14)
    twitter (2.1.0)
      activesupport (>= 2.3.9, < 4)
      faraday (~> 0.7)
      multi_json (~> 1.0)
      simple_oauth (~> 0.1)
    twitter-stream (0.1.14)
      eventmachine (>= 0.12.8)
      http_parser.rb (~> 0.5.1)
      simple_oauth (~> 0.1.4)
    tzinfo (0.3.31)
    yajl-ruby (1.1.0)

PLATFORMS
  ruby

DEPENDENCIES
  activerecord
  linecache19 (= 0.5.13)
  log4r
  oauth
  pry
  ruby-debug-base19 (= 0.11.26)
  ruby-debug19
  sqlite3
  standalone_migrations
  tweetstream
  twitter
  yajl-ruby
